PATH
  remote: .
  specs:
    aws_codedeploy_agent (1.4.0)
      archive-tar-minitar (~> 0.5.2)
      aws-sdk-code-generator (~> 0.2.2.pre)
      aws-sdk-core (~> 3)
      aws-sdk-s3 (~> 1)
      concurrent-ruby (~> 1.1.9)
      docopt (~> 0.5.0)
      gli (~> 2.5)
      json_pure (~> 1.6)
      logging (~> 1.8)
      rubyzip (~> 1.3.0)
      simple_pid (~> 0.2.1)

PATH
  remote: vendor/gems/codedeploy-commands-1.0.0
  specs:
    codedeploy-commands (1.0.0)

PATH
  remote: vendor/gems/process_manager-0.0.13
  specs:
    process_manager (0.0.13)

GEM
  remote: http://rubygems.org/
  specs:
    activesupport (7.0.4)
      concurrent-ruby (~> 1.0, >= 1.0.2)
      i18n (>= 1.6, < 2)
      minitest (>= 5.1)
      tzinfo (~> 2.0)
    addressable (2.8.1)
      public_suffix (>= 2.0.2, < 6.0)
    archive-tar-minitar (0.5.2)
    aws-eventstream (1.2.0)
    aws-partitions (1.662.0)
    aws-sdk-code-generator (0.2.4.pre)
      kramdown
      mustache
    aws-sdk-core (3.167.0)
      aws-eventstream (~> 1, >= 1.0.2)
      aws-partitions (~> 1, >= 1.651.0)
      aws-sigv4 (~> 1.5)
      jmespath (~> 1, >= 1.6.1)
    aws-sdk-kms (1.59.0)
      aws-sdk-core (~> 3, >= 3.165.0)
      aws-sigv4 (~> 1.1)
    aws-sdk-s3 (1.117.1)
      aws-sdk-core (~> 3, >= 3.165.0)
      aws-sdk-kms (~> 1)
      aws-sigv4 (~> 1.4)
    aws-sigv4 (1.5.2)
      aws-eventstream (~> 1, >= 1.0.2)
    builder (3.2.4)
    concurrent-ruby (1.1.10)
    coveralls_reborn (0.25.0)
      simplecov (>= 0.18.1, < 0.22.0)
      term-ansicolor (~> 1.6)
      thor (>= 0.20.3, < 2.0)
      tins (~> 1.16)
    crack (0.4.5)
      rexml
    cucumber (8.0.0)
      builder (~> 3.2, >= 3.2.4)
      cucumber-ci-environment (~> 9.0, >= 9.0.4)
      cucumber-core (~> 11.0, >= 11.0.0)
      cucumber-cucumber-expressions (~> 15.1, >= 15.1.1)
      cucumber-gherkin (~> 23.0, >= 23.0.1)
      cucumber-html-formatter (~> 19.1, >= 19.1.0)
      cucumber-messages (~> 18.0, >= 18.0.0)
      diff-lcs (~> 1.5, >= 1.5.0)
      mime-types (~> 3.4, >= 3.4.1)
      multi_test (~> 1.1, >= 1.1.0)
      sys-uname (~> 1.2, >= 1.2.2)
    cucumber-ci-environment (9.1.0)
    cucumber-core (11.0.0)
      cucumber-gherkin (~> 23.0, >= 23.0.1)
      cucumber-messages (~> 18.0, >= 18.0.0)
      cucumber-tag-expressions (~> 4.1, >= 4.1.0)
    cucumber-cucumber-expressions (15.2.0)
    cucumber-gherkin (23.0.1)
      cucumber-messages (~> 18.0, >= 18.0.0)
    cucumber-html-formatter (19.2.0)
      cucumber-messages (~> 18.0, >= 18.0.0)
    cucumber-messages (18.0.0)
    cucumber-tag-expressions (4.1.0)
    diff-lcs (1.5.0)
    docile (1.4.0)
    docopt (0.5.0)
    fakefs (1.9.0)
    ffi (1.15.5)
    gli (2.21.0)
    hashdiff (1.0.1)
    i18n (1.12.0)
      concurrent-ruby (~> 1.0)
    jmespath (1.6.1)
    json_pure (1.8.6)
    kramdown (2.4.0)
      rexml
    little-plugger (1.1.4)
    logging (1.8.2)
      little-plugger (>= 1.1.3)
      multi_json (>= 1.8.4)
    mime-types (3.4.1)
      mime-types-data (~> 3.2015)
    mime-types-data (3.2022.0105)
    minitest (5.16.3)
    mocha (2.0.2)
      ruby2_keywords (>= 0.0.5)
    multi_json (1.15.0)
    multi_test (1.1.0)
    mustache (1.1.1)
    power_assert (2.0.2)
    public_suffix (5.0.0)
    rake (12.3.3)
    rexml (3.2.5)
    rspec (3.12.0)
      rspec-core (~> 3.12.0)
      rspec-expectations (~> 3.12.0)
      rspec-mocks (~> 3.12.0)
    rspec-core (3.12.0)
      rspec-support (~> 3.12.0)
    rspec-expectations (3.12.0)
      diff-lcs (>= 1.2.0, < 2.0)
      rspec-support (~> 3.12.0)
    rspec-mocks (3.12.0)
      diff-lcs (>= 1.2.0, < 2.0)
      rspec-support (~> 3.12.0)
    rspec-support (3.12.0)
    ruby2_keywords (0.0.5)
    rubyzip (1.3.0)
    shoulda (2.11.3)
    shoulda-context (2.0.0)
    shoulda-matchers (5.2.0)
      activesupport (>= 5.2.0)
    simple_pid (0.2.1)
    simplecov (0.21.2)
      docile (~> 1.1)
      simplecov-html (~> 0.11)
      simplecov_json_formatter (~> 0.1)
    simplecov-html (0.12.3)
    simplecov-lcov (0.8.0)
    simplecov_json_formatter (0.1.4)
    sync (0.5.0)
    sys-uname (1.2.2)
      ffi (~> 1.1)
    term-ansicolor (1.7.1)
      tins (~> 1.0)
    test-unit (3.5.5)
      power_assert
    thor (1.2.1)
    tins (1.31.1)
      sync
    tzinfo (2.0.5)
      concurrent-ruby (~> 1.0)
    webmock (3.18.1)
      addressable (>= 2.8.0)
      crack (>= 0.3.2)
      hashdiff (>= 0.4.0, < 2.0.0)

PLATFORMS
  ruby

DEPENDENCIES
  activesupport
  aws_codedeploy_agent!
  codedeploy-commands (= 1.0.0)!
  coveralls_reborn
  cucumber
  fakefs
  mocha
  process_manager (= 0.0.13)!
  rake (~> 12.3.3)
  rspec
  shoulda
  shoulda-context
  shoulda-matchers
  simplecov
  simplecov-lcov
  test-unit
  webmock

BUNDLED WITH
   2.1.4
